GEM
  remote: https://rubygems.org/
  specs:
    backports (3.15.0)
    multi_json (1.13.1)
    mustermann (1.0.3)
    rack (2.0.7)
    rack-protection (2.0.7)
      rack
    sinatra (2.0.7)
      mustermann (~> 1.0)
      rack (~> 2.0)
      rack-protection (= 2.0.7)
      tilt (~> 2.0)
    sinatra-contrib (2.0.7)
      backports (>= 2.8.2)
      multi_json
      mustermann (~> 1.0)
      rack-protection (= 2.0.7)
      sinatra (= 2.0.7)
      tilt (~> 2.0)
    tilt (2.0.10)
    puma (4.2.0)
      nio4r (~> 2.0)
    pg (1.1.4)
    sequel (5.24.0)

PLATFORMS
  ruby

DEPENDENCIES
  pg
  puma
  sequel
  sinatra
  sinatra-contrib

BUNDLED WITH
   1.17.3
