GEM
  remote: https://rubygems.org/
  specs:
    addressable (2.8.1)
      public_suffix (>= 2.0.2, < 6.0)
    faraday (0.16.2)
      multipart-post (>= 1.2, < 3)
    multipart-post (2.1.1)
    nio4r (2.5.9)
    octokit (4.14.0)
      sawyer (~> 0.8.0, >= 0.5.3)
    pg (1.1.4)
    public_suffix (4.0.7)
    puma (5.6.7)
      nio4r (~> 2.0)
    rack (3.0.9.1)
    roda (3.24.0)
      rack
    sawyer (0.8.2)
      addressable (>= 2.3.5)
      faraday (> 0.8, < 2.0)
    sequel (5.25.0)
    tilt (2.0.10)

PLATFORMS
  ruby

DEPENDENCIES
  octokit
  pg
  puma
  roda
  sequel
  tilt

BUNDLED WITH
   2.0.2
